GEM
  remote: https://rubygems.org/
  specs:
    coderay (1.1.2)
    em-websocket (0.5.1)
      eventmachine (>= 0.12.9)
      http_parser.rb (~> 0.6.0)
    eventmachine (1.2.7)
    ffi (1.9.25)
    formatador (0.2.5)
    guard (2.16.1)
      formatador (>= 0.2.4)
      listen (>= 2.7, < 4.0)
      lumberjack (>= 1.0.12, < 2.0)
      nenv (~> 0.1)
      notiffany (~> 0.0)
      pry (>= 0.9.12)
      shellany (~> 0.0)
      thor (>= 0.18.1)
    guard-compat (1.2.1)
    guard-livereload (2.5.2)
      em-websocket (~> 0.5)
      guard (~> 2.8)
      guard-compat (~> 1.0)
      multi_json (~> 1.8)
    http_parser.rb (0.6.0)
    httparty (0.17.3)
      mime-types (~> 3.0)
      multi_xml (>= 0.5.2)
    listen (3.2.1)
      rb-fsevent (~> 0.10, >= 0.10.3)
      rb-inotify (~> 0.9, >= 0.9.10)
    lumberjack (1.2.0)
    method_source (0.9.2)
    mime-types (3.3.1)
      mime-types-data (~> 3.2015)
    mime-types-data (3.2019.1009)
    multi_json (1.13.1)
    multi_xml (0.6.0)
    mustermann (1.1.1)
      ruby2_keywords (~> 0.0.1)
    nenv (0.3.0)
    notiffany (0.1.3)
      nenv (~> 0.1)
      shellany (~> 0.0)
    pry (0.12.2)
      coderay (~> 1.1.0)
      method_source (~> 0.9.0)
    rack (2.2.6.4)
    rack-livereload (0.3.17)
      rack
    rack-protection (2.0.8.1)
      rack
    rb-fsevent (0.10.3)
    rb-inotify (0.9.10)
      ffi (>= 0.5.0, < 2)
    ruby2_keywords (0.0.2)
    shellany (0.0.1)
    sinatra (2.0.8.1)
      mustermann (~> 1.0)
      rack (~> 2.0)
      rack-protection (= 2.0.8.1)
      tilt (~> 2.0)
    thor (0.19.4)
    tilt (2.0.10)

PLATFORMS
  ruby

DEPENDENCIES
  guard
  guard-livereload
  httparty
  rack-livereload
  sinatra

BUNDLED WITH
   1.17.3
